GEM
  remote: https://rubygems.org/
  specs:
    awesome_print (1.7.0)
    bond (0.5.1)
    coderay (1.1.1)
    data_uri (0.1.0)
    iruby (0.2.9)
      bond (~> 0.5)
      data_uri (~> 0.1)
      mimemagic (~> 0.3)
      multi_json (~> 1.11)
    method_source (0.8.2)
    mimemagic (0.3.2)
    multi_json (1.12.1)
    nyaplot (0.1.6)
    pry (0.10.4)
      coderay (~> 1.1.0)
      method_source (~> 0.8.1)
      slop (~> 3.4)
    pry-doc (0.9.0)
      pry (~> 0.9)
      yard (~> 0.8)
    slop (3.6.0)
    yard (0.9.5)

PLATFORMS
  ruby

DEPENDENCIES
  awesome_print
  iruby
  nyaplot
  pry
  pry-doc

RUBY VERSION
   ruby 2.3.1p112

BUNDLED WITH
   1.12.5
